GEM
  remote: https://rubygems.org/
  specs:
    activesupport (3.2.21)
      i18n (~> 0.6, >= 0.6.4)
      multi_json (~> 1.0)
    chozo (0.6.1)
      activesupport (>= 3.2.0)
      hashie (>= 2.0.2)
      multi_json (>= 1.3.0)
    extlib (0.9.16)
    hashie (3.3.2)
    highline (1.6.21)
    httpclient (2.2.5)
    i18n (0.7.0)
    json (1.8.2)
    jsonpath (0.5.6)
      multi_json
    kpm (0.0.13)
      highline (~> 1.6.21)
      nexus_cli (~> 4.1.0)
      thor (~> 0.19.1)
    multi_json (1.10.1)
    nexus_cli (4.1.0)
      activesupport (~> 3.2.0)
      chozo (>= 0.6.0)
      extlib
      highline
      httpclient (= 2.2.5)
      json
      jsonpath
      thor
    thor (0.19.1)

PLATFORMS
  ruby

DEPENDENCIES
  kpm
